GEM
  remote: https://rubygems.org/
  specs:
    activesupport (7.2.1)
      base64
      bigdecimal
      concurrent-ruby (~> 1.0, >= 1.3.1)
      connection_pool (>= 2.2.5)
      drb
      i18n (>= 1.6, < 2)
      logger (>= 1.4.2)
      minitest (>= 5.1)
      securerandom (>= 0.3)
      tzinfo (~> 2.0, >= 2.0.5)
    base64 (0.2.0)
    bigdecimal (3.1.8)
    bundler-audit (0.9.2)
      bundler (>= 1.2.0, < 3)
      thor (~> 1.0)
    concurrent-ruby (1.3.4)
    connection_pool (2.4.1)
    diff-lcs (1.5.1)
    dotenv (3.1.2)
    drb (2.2.1)
    factory_bot (6.4.6)
      activesupport (>= 5.0.0)
    faker (3.4.2)
      i18n (>= 1.8.11, < 2)
    faraday (2.10.1)
      faraday-net_http (>= 2.0, < 3.2)
      logger
    faraday-net_http (3.1.1)
      net-http
    hashie (5.0.0)
    i18n (1.14.5)
      concurrent-ruby (~> 1.0)
    jwt (2.8.2)
      base64
    logger (1.6.0)
    minitest (5.25.1)
    multi_json (1.15.0)
    multi_xml (0.7.1)
      bigdecimal (~> 3.1)
    mustermann (3.0.2)
      ruby2_keywords (~> 0.0.1)
    net-http (0.4.1)
      uri
    nio4r (2.7.3)
    oauth2 (2.0.9)
      faraday (>= 0.17.3, < 3.0)
      jwt (>= 1.0, < 3.0)
      multi_xml (~> 0.5)
      rack (>= 1.2, < 4)
      snaky_hash (~> 2.0)
      version_gem (~> 1.1)
    omniauth (2.1.2)
      hashie (>= 3.4.6)
      rack (>= 2.2.3)
      rack-protection
    omniauth-github (2.0.1)
      omniauth (~> 2.0)
      omniauth-oauth2 (~> 1.8)
    omniauth-oauth2 (1.8.0)
      oauth2 (>= 1.4, < 3)
      omniauth (~> 2.0)
    pg (1.5.7)
    prism (0.30.0)
    puma (6.4.2)
      nio4r (~> 2.0)
    rack (3.1.7)
    rack-protection (4.0.0)
      base64 (>= 0.1.0)
      rack (>= 3.0.0, < 4)
    rack-session (2.0.0)
      rack (>= 3.0.0)
    rackup (2.1.0)
      rack (>= 3)
      webrick (~> 1.8)
    redcarpet (3.6.0)
    rexml (3.3.6)
      strscan
    rspec (3.13.0)
      rspec-core (~> 3.13.0)
      rspec-expectations (~> 3.13.0)
      rspec-mocks (~> 3.13.0)
    rspec-core (3.13.0)
      rspec-support (~> 3.13.0)
    rspec-expectations (3.13.2)
      diff-lcs (>= 1.2.0, < 2.0)
      rspec-support (~> 3.13.0)
    rspec-mocks (3.13.1)
      diff-lcs (>= 1.2.0, < 2.0)
      rspec-support (~> 3.13.0)
    rspec-support (3.13.1)
    ruby2_keywords (0.0.5)
    securerandom (0.3.1)
    semantic_logger (4.16.0)
      concurrent-ruby (~> 1.0)
    sequel (5.83.1)
      bigdecimal
    sinatra (4.0.0)
      mustermann (~> 3.0)
      rack (>= 3.0.0, < 4)
      rack-protection (= 4.0.0)
      rack-session (>= 2.0.0, < 3)
      tilt (~> 2.0)
    sinatra-contrib (4.0.0)
      multi_json (>= 0.0.2)
      mustermann (~> 3.0)
      rack-protection (= 4.0.0)
      sinatra (= 4.0.0)
      tilt (~> 2.0)
    snaky_hash (2.0.1)
      hashie
      version_gem (~> 1.1, >= 1.1.1)
    strscan (3.1.0)
    temple (0.10.3)
    thor (1.3.1)
    tilt (2.4.0)
    tzinfo (2.0.6)
      concurrent-ruby (~> 1.0)
    uri (0.13.0)
    version_gem (1.1.4)
    webrick (1.8.1)

PLATFORMS
  aarch64-linux
  ruby

DEPENDENCIES
  bundler-audit
  dotenv
  factory_bot
  faker
  i18n
  omniauth
  omniauth-github (~> 2.0.0)
  pg
  prism
  puma
  rack-protection
  rackup
  redcarpet
  rexml
  rspec
  semantic_logger
  sequel
  sinatra
  sinatra-contrib
  temple
  tilt

BUNDLED WITH
   2.5.7
